PATH
  remote: .
  specs:
    catalyst-rails (0.1.3)
      actionview (>= 3.0, < 8.0)
      dry-configurable (~> 0.7)
      sorbet-runtime (~> 0.5.0)

GEM
  remote: https://www.rubygems.org/
  specs:
    actionview (7.0.2.4)
      activesupport (= 7.0.2.4)
      builder (~> 3.1)
      erubi (~> 1.4)
      rails-dom-testing (~> 2.0)
      rails-html-sanitizer (~> 1.1, >= 1.2.0)
    activesupport (7.0.2.4)
      concurrent-ruby (~> 1.0, >= 1.0.2)
      i18n (>= 1.6, < 2)
      minitest (>= 5.1)
      tzinfo (~> 2.0)
    builder (3.2.4)
    concurrent-ruby (1.1.10)
    crass (1.0.6)
    dry-configurable (0.11.6)
      concurrent-ruby (~> 1.0)
      dry-core (~> 0.4, >= 0.4.7)
      dry-equalizer (~> 0.2)
    dry-core (0.5.0)
      concurrent-ruby (~> 1.0)
    dry-equalizer (0.3.0)
    erubi (1.10.0)
    i18n (1.10.0)
      concurrent-ruby (~> 1.0)
    loofah (2.16.0)
      crass (~> 1.0.2)
      nokogiri (>= 1.5.9)
    mini_portile2 (2.8.0)
    minitest (5.15.0)
    nokogiri (1.13.4)
      mini_portile2 (~> 2.8.0)
      racc (~> 1.4)
    racc (1.6.0)
    rails-dom-testing (2.0.3)
      activesupport (>= 4.2.0)
      nokogiri (>= 1.6)
    rails-html-sanitizer (1.4.2)
      loofah (~> 2.3)
    sorbet (0.5.6161)
      sorbet-static (= 0.5.6161)
    sorbet-runtime (0.5.6161)
    sorbet-static (0.5.6161-universal-darwin-14)
    sorbet-static (0.5.6161-universal-darwin-15)
    sorbet-static (0.5.6161-universal-darwin-16)
    sorbet-static (0.5.6161-universal-darwin-17)
    sorbet-static (0.5.6161-universal-darwin-18)
    sorbet-static (0.5.6161-universal-darwin-19)
    sorbet-static (0.5.6161-universal-darwin-20)
    sorbet-static (0.5.6161-x86_64-linux)
    tzinfo (2.0.4)
      concurrent-ruby (~> 1.0)

PLATFORMS
  ruby

DEPENDENCIES
  catalyst-rails!
  sorbet (~> 0.5.0)

BUNDLED WITH
   2.1.4
